GEM
  remote: https://rubygems.org/
  specs:
    CFPropertyList (2.3.6)
    activesupport (4.2.10)
      i18n (~> 0.7)
      minitest (~> 5.1)
      thread_safe (~> 0.3, >= 0.3.4)
      tzinfo (~> 1.1)
    addressable (2.5.1)
      public_suffix (~> 2.0, >= 2.0.2)
    atomos (0.1.2)
    claide (1.0.2)
    cocoapods (1.4.0)
      activesupport (>= 4.0.2, < 5)
      claide (>= 1.0.2, < 2.0)
      cocoapods-core (= 1.4.0)
      cocoapods-deintegrate (>= 1.0.2, < 2.0)
      cocoapods-downloader (>= 1.1.3, < 2.0)
      cocoapods-plugins (>= 1.0.0, < 2.0)
      cocoapods-search (>= 1.0.0, < 2.0)
      cocoapods-stats (>= 1.0.0, < 2.0)
      cocoapods-trunk (>= 1.3.0, < 2.0)
      cocoapods-try (>= 1.1.0, < 2.0)
      colored2 (~> 3.1)
      escape (~> 0.0.4)
      fourflusher (~> 2.0.1)
      gh_inspector (~> 1.0)
      molinillo (~> 0.6.4)
      nap (~> 1.0)
      ruby-macho (~> 1.1)
      xcodeproj (>= 1.5.4, < 2.0)
    cocoapods-core (1.4.0)
      activesupport (>= 4.0.2, < 6)
      fuzzy_match (~> 2.0.4)
      nap (~> 1.0)
    cocoapods-deintegrate (1.0.2)
    cocoapods-downloader (1.1.3)
    cocoapods-plugins (1.0.0)
      nap
    cocoapods-search (1.0.0)
    cocoapods-stats (1.0.0)
    cocoapods-trunk (1.3.0)
      nap (>= 0.8, < 2.0)
      netrc (~> 0.11)
    cocoapods-try (1.1.0)
    colored2 (3.1.2)
    commander (4.4.3)
      highline (~> 1.7.2)
    concurrent-ruby (1.0.5)
    escape (0.0.4)
    faraday (0.11.0)
      multipart-post (>= 1.2, < 3)
    fourflusher (2.0.1)
    fuzzy_match (2.0.4)
    gh_inspector (1.1.2)
    highline (1.7.8)
    i18n (0.9.5)
      concurrent-ruby (~> 1.0)
    linterbot (0.2.6)
      commander (~> 4.3)
      octokit (~> 4.2)
    minitest (5.11.3)
    molinillo (0.6.4)
    multipart-post (2.0.0)
    nanaimo (0.2.3)
    nap (1.1.0)
    netrc (0.11.0)
    octokit (4.6.2)
      sawyer (~> 0.8.0, >= 0.5.3)
    public_suffix (2.0.5)
    ruby-macho (1.1.0)
    sawyer (0.8.1)
      addressable (>= 2.3.5, < 2.6)
      faraday (~> 0.8, < 1.0)
    thread_safe (0.3.6)
    tzinfo (1.2.5)
      thread_safe (~> 0.1)
    xcodeproj (1.5.6)
      CFPropertyList (~> 2.3.3)
      atomos (~> 0.1.2)
      claide (>= 1.0.2, < 2.0)
      colored2 (~> 3.1)
      nanaimo (~> 0.2.3)

PLATFORMS
  ruby

DEPENDENCIES
  cocoapods (~> 1.4.0)
  linterbot (~> 0.2.5)

RUBY VERSION
   ruby 2.4.0p0

BUNDLED WITH
   1.16.1
